GEM
  remote: http://rubygems.org/
  specs:
    mysql2 (0.4.10)

PLATFORMS
  ruby

DEPENDENCIES
  mysql2

RUBY VERSION
   ruby 2.3.3p222

BUNDLED WITH
   1.16.0
